GIT
  remote: git://github.com/amatsuda/kaminari.git
  revision: e4e2ef1023a2a7cb8a63076c5dda13f0d89f2023
  specs:
    kaminari (0.12.4)
      rails (>= 3.0.0)

GIT
  remote: git://github.com/indirect/haml-rails.git
  revision: 92c41db61f20a9f122de25bc73e5045cfccdbcd5
  specs:
    haml-rails (0.3.4)
      actionpack (~> 3.0)
      activesupport (~> 3.0)
      haml (~> 3.0)
      railties (~> 3.0)

GIT
  remote: git://github.com/indirect/jquery-rails.git
  revision: 8f0923ddf7ca871169d3398b095bbbca42736235
  specs:
    jquery-rails (1.0.12)
      railties (~> 3.0)
      thor (~> 0.14)

GIT
  remote: git://github.com/josh/rack-mount.git
  revision: cb252d9afdbd5adff81b43b91ef2cb1a90ed6079
  specs:
    rack-mount (0.8.1)
      rack (>= 1.0.0)

GIT
  remote: git://github.com/josh/ruby-coffee-script.git
  revision: 200152667e00a1b744977a3a4750df510925cc6f
  specs:
    coffee-script (2.2.0)
      coffee-script-source
      execjs

GIT
  remote: git://github.com/lautis/uglifier.git
  revision: 3763a3ec84f425f2759bfd1beb2a12ef2cf3de45
  specs:
    uglifier (1.0.0)
      execjs (>= 0.3.0)
      multi_json (>= 1.0.2)

GIT
  remote: git://github.com/nex3/haml.git
  revision: ffb73065aa2843b73b4a85766085cc93b9c8fd85
  specs:
    haml (3.2.0.alpha.0)

GIT
  remote: git://github.com/nex3/sass.git
  revision: 61b2162d9e606e3c5838e21de0104ba643d851ca
  specs:
    sass (3.2.0.alpha.0)

GIT
  remote: git://github.com/rack/rack.git
  revision: 28842366aef7b086f251dd274251e9dc40c11d3a
  specs:
    rack (1.3.0)

GIT
  remote: git://github.com/rails/arel.git
  revision: da99e806703ff1e6b004dd0371b323df21d598e7
  specs:
    arel (2.1.3.20110627095956)

GIT
  remote: git://github.com/rails/rails.git
  revision: 9152126110301730e4a5ff57100cdfb10fa9c9d3
  specs:
    actionmailer (3.1.0.rc1)
      actionpack (= 3.1.0.rc1)
      mail (~> 2.3.0)
    actionpack (3.1.0.rc1)
      activemodel (= 3.1.0.rc1)
      activesupport (= 3.1.0.rc1)
      builder (~> 3.0.0)
      erubis (~> 2.7.0)
      i18n (~> 0.6)
      rack (~> 1.3.0)
      rack-cache (~> 1.0.1)
      rack-mount (~> 0.8.1)
      rack-test (~> 0.6.0)
      sprockets (= 2.0.0.beta.10)
      tzinfo (~> 0.3.27)
    activemodel (3.1.0.rc1)
      activesupport (= 3.1.0.rc1)
      bcrypt-ruby (~> 2.1.4)
      builder (~> 3.0.0)
      i18n (~> 0.6)
    activerecord (3.1.0.rc1)
      activemodel (= 3.1.0.rc1)
      activesupport (= 3.1.0.rc1)
      arel (~> 2.1.3)
      tzinfo (~> 0.3.27)
    activeresource (3.1.0.rc1)
      activemodel (= 3.1.0.rc1)
      activesupport (= 3.1.0.rc1)
    activesupport (3.1.0.rc1)
      i18n (~> 0.6)
      multi_json (~> 1.0)
    rails (3.1.0.rc1)
      actionmailer (= 3.1.0.rc1)
      actionpack (= 3.1.0.rc1)
      activerecord (= 3.1.0.rc1)
      activeresource (= 3.1.0.rc1)
      activesupport (= 3.1.0.rc1)
      bundler (~> 1.0)
      railties (= 3.1.0.rc1)
    railties (3.1.0.rc1)
      actionpack (= 3.1.0.rc1)
      activesupport (= 3.1.0.rc1)
      rack-ssl (~> 1.3.2)
      rake (>= 0.8.7)
      rdoc (~> 3.4)
      thor (~> 0.14.6)

GIT
  remote: git://github.com/rails/sass-rails.git
  revision: eee12e2e0bbfca56d458c82df47213e130ef5830
  specs:
    sass-rails (3.1.0.rc.3)
      actionpack (~> 3.1.0.rc1)
      railties (~> 3.1.0.rc1)
      sass (>= 3.1.3)
      sprockets (>= 2.0.0.beta.9)

GIT
  remote: git://github.com/rtomayko/rack-cache.git
  revision: 453897adedb96661eadd0d5cb9d998206a093e69
  specs:
    rack-cache (1.0.2)
      rack (>= 0.4)

GIT
  remote: git://github.com/rtomayko/tilt.git
  revision: a07077f4737754757e99c2d42267f432289ffd13
  specs:
    tilt (1.3.2)

GIT
  remote: git://github.com/sstephenson/ruby-yui-compressor.git
  revision: 2d817573cdba5c6cb76d4f1511e5d1564fa881a7
  specs:
    yui-compressor (0.9.6)
      POpen4 (>= 0.1.4)

GIT
  remote: git://github.com/stefankroes/ancestry.git
  revision: 770f2e36eb8b9865ee0ea1f81f5ca21068bebe3e
  specs:
    ancestry (1.2.3)
      activerecord (>= 2.2.2)

GIT
  remote: git://github.com/svenfuchs/i18n.git
  revision: 277887024505cfe7428656f5bc3c06ae07abc497
  specs:
    i18n (0.6.0)

GEM
  remote: http://rubygems.org/
  specs:
    POpen4 (0.1.4)
      Platform (>= 0.4.0)
      open4
    Platform (0.4.0)
    bcrypt-ruby (2.1.4)
    builder (3.0.0)
    coffee-script-source (1.1.1)
    erubis (2.7.0)
    execjs (1.2.0)
      multi_json (~> 1.0)
    hike (1.1.0)
    hpricot (0.8.4)
    htmlentities (4.3.0)
    kgio (2.5.0)
    mail (2.3.0)
      i18n (>= 0.4.0)
      mime-types (~> 1.16)
      treetop (~> 1.4.8)
    mechanize (1.0.0)
      nokogiri (>= 1.2.1)
    mime-types (1.16)
    multi_json (1.0.3)
    nokogiri (1.4.6)
    open4 (1.1.0)
    pg (0.11.0)
    polyglot (0.3.1)
    rack-ssl (1.3.2)
      rack
    rack-test (0.6.0)
      rack (>= 1.0)
    raindrops (0.7.0)
    rake (0.9.2)
    rdoc (3.7)
    ruby_parser (2.0.6)
      sexp_processor (~> 3.0)
    sexp_processor (3.0.5)
    sprockets (2.0.0.beta.10)
      hike (~> 1.0)
      rack (~> 1.0)
      tilt (!= 1.3.0, ~> 1.1)
    thor (0.14.6)
    treetop (1.4.9)
      polyglot (>= 0.3.1)
    tzinfo (0.3.29)
    unicorn (4.0.0)
      kgio (~> 2.4)
      rack
      raindrops (~> 0.6)

PLATFORMS
  ruby

DEPENDENCIES
  ancestry!
  arel!
  coffee-script!
  haml!
  haml-rails!
  hpricot
  htmlentities
  i18n!
  jquery-rails!
  kaminari!
  mechanize (~> 1.0.0)
  nokogiri
  pg
  rack!
  rack-cache!
  rack-mount!
  rails!
  ruby_parser
  sass!
  sass-rails!
  sprockets
  tilt!
  uglifier!
  unicorn
  yui-compressor!
